GEM
  remote: https://rubygems.org/
  specs:
    power_assert (0.1.4)
    test-unit (3.0.2)
      power_assert

PLATFORMS
  ruby

DEPENDENCIES
  test-unit
